PATH
  remote: .
  specs:
    galaxy-invaders (0.1.0)

GEM
  remote: https://rubygems.org/
  specs:
    byebug (11.1.1)
    classifier-reborn (2.2.0)
      fast-stemmer (~> 1.0)
    coderay (1.1.2)
    diff-lcs (1.3)
    fast-stemmer (1.0.2)
    method_source (0.9.2)
    pry (0.12.2)
      coderay (~> 1.1.0)
      method_source (~> 0.9.0)
    pry-byebug (3.8.0)
      byebug (~> 11.0)
      pry (~> 0.10)
    rake (10.5.0)
    rspec (3.9.0)
      rspec-core (~> 3.9.0)
      rspec-expectations (~> 3.9.0)
      rspec-mocks (~> 3.9.0)
    rspec-core (3.9.1)
      rspec-support (~> 3.9.1)
    rspec-expectations (3.9.0)
      diff-lcs (>= 1.2.0, < 2.0)
      rspec-support (~> 3.9.0)
    rspec-mocks (3.9.1)
      diff-lcs (>= 1.2.0, < 2.0)
      rspec-support (~> 3.9.0)
    rspec-support (3.9.2)

PLATFORMS
  ruby

DEPENDENCIES
  bundler (~> 2.0)
  classifier-reborn
  galaxy-invaders!
  pry
  pry-byebug
  rake (~> 10.0)
  rspec
  rspec-mocks

BUNDLED WITH
   2.0.2
